GEM
  remote: https://rubygems.org/
  specs:
    Ascii85 (1.0.3)
    afm (0.2.2)
    bson (4.5.0)
    coderay (1.1.2)
    hashery (2.1.2)
    method_source (0.9.2)
    mongo (2.9.0)
      bson (>= 4.4.2, < 5.0.0)
    pdf-reader (2.2.0)
      Ascii85 (~> 1.0.0)
      afm (~> 0.2.1)
      hashery (~> 2.0)
      ruby-rc4
      ttfunk
    pry (0.12.2)
      coderay (~> 1.1.0)
      method_source (~> 0.9.0)
    ruby-rc4 (0.1.5)
    ttfunk (1.5.1)

PLATFORMS
  ruby

DEPENDENCIES
  mongo
  pdf-reader
  pry

RUBY VERSION
   ruby 2.6.3p62

BUNDLED WITH
   1.17.3
